PATH
  remote: .
  specs:
    himawari (0.1.2)
      httparty (~> 0.17.3)

GEM
  remote: https://rubygems.org/
  specs:
    coderay (1.1.2)
    httparty (0.17.3)
      mime-types (~> 3.0)
      multi_xml (>= 0.5.2)
    method_source (1.0.0)
    mime-types (3.3.1)
      mime-types-data (~> 3.2015)
    mime-types-data (3.2019.1009)
    minitest (5.14.0)
    multi_xml (0.6.0)
    pry (0.13.1)
      coderay (~> 1.1)
      method_source (~> 1.0)
    rake (13.0.1)

PLATFORMS
  ruby

DEPENDENCIES
  bundler (~> 2.1.4)
  himawari!
  minitest (~> 5.14.0)
  pry (~> 0.13.1)
  rake (~> 13.0.1)

BUNDLED WITH
   2.1.4
